GEM
  remote: https://rubygems.org/
  specs:
    json (2.3.0)
    sorbet (0.5.5571)
      sorbet-static (= 0.5.5571)
    sorbet-runtime (0.5.5571)
    sorbet-static (0.5.5571-universal-darwin-14)

PLATFORMS
  ruby

DEPENDENCIES
  json
  sorbet
  sorbet-runtime

BUNDLED WITH
   1.17.2
